GIT
  remote: https://github.com/watir/watir.git
  revision: 472732a3b7899fd6595e966997b3a42922462fbb
  ref: 472732a
  specs:
    watir (6.2.0)
      selenium-webdriver (~> 3.0)

GEM
  remote: http://rubygems.org/
  specs:
    builder (3.2.3)
    childprocess (0.6.3)
      ffi (~> 1.0, >= 1.0.11)
    cucumber (2.4.0)
      builder (>= 2.1.2)
      cucumber-core (~> 1.5.0)
      cucumber-wire (~> 0.0.1)
      diff-lcs (>= 1.1.3)
      gherkin (~> 4.0)
      multi_json (>= 1.7.5, < 2.0)
      multi_test (>= 0.1.2)
    cucumber-core (1.5.0)
      gherkin (~> 4.0)
    cucumber-wire (0.0.1)
    diff-lcs (1.3)
    facets (3.1.0)
    faraday (0.11.0)
      multipart-post (>= 1.2, < 3)
    faraday_json (0.1.4)
      faraday (~> 0.10)
    faraday_middleware (0.11.0.1)
      faraday (>= 0.7.4, < 1.0)
    ffi (1.9.18-x86-mingw32)
    gherkin (4.1.1)
    lapis_lazuli (1.1.0)
      cucumber (~> 2)
      facets (~> 3.1)
      faraday_json (~> 0.1)
      faraday_middleware (~> 0.10)
      minitest (~> 5.10)
      multi_xml (~> 0.6)
      selenium-webdriver (~> 3)
      teelogger (~> 0.5)
      thor (~> 0.19)
      watir (~> 6)
    minitest (5.10.1)
    multi_json (1.12.1)
    multi_test (0.1.2)
    multi_xml (0.6.0)
    multipart-post (2.0.0)
    require_all (1.4.0)
    rubyzip (1.2.1)
    selenium-webdriver (3.3.0)
      childprocess (~> 0.5)
      rubyzip (~> 1.0)
      websocket (~> 1.0)
    tai64 (0.0.5)
    teelogger (0.5.1)
      require_all (~> 1.3)
      tai64 (~> 0.0)
    thor (0.19.4)
    websocket (1.2.4)

PLATFORMS
  x86-mingw32

DEPENDENCIES
  lapis_lazuli
  watir!

BUNDLED WITH
   1.14.6
